GIT
  remote: https://github.com/8012labs/omniauth-slack
  revision: a02030aba7e43964c5be94b1fc2bac3316adea4e
  branch: bot-info
  specs:
    omniauth-slack (2.2.0)
      omniauth-oauth2 (~> 1.3.1)

GEM
  remote: https://rubygems.org/
  specs:
    capybara (2.5.0)
      mime-types (>= 1.16)
      nokogiri (>= 1.3.3)
      rack (>= 1.0.0)
      rack-test (>= 0.5.4)
      xpath (~> 2.0)
    diff-lcs (1.2.5)
    dotenv (2.0.2)
    faraday (0.9.2)
      multipart-post (>= 1.2, < 3)
    hashie (3.4.3)
    http_router (0.11.2)
      rack (>= 1.0.0)
      url_mount (~> 0.2.1)
    jwt (1.5.2)
    lotus-controller (0.4.5)
      lotus-utils (~> 0.5)
      lotus-validations (~> 0.3, >= 0.3.3)
      rack (~> 1.6, >= 1.6.2)
    lotus-helpers (0.2.5)
      lotus-utils (~> 0.5, >= 0.5.2)
    lotus-model (0.5.0)
      lotus-utils (~> 0.5)
      sequel (~> 4.9)
    lotus-router (0.4.3)
      http_router (~> 0.11)
      lotus-utils (~> 0.5, >= 0.5.1)
    lotus-utils (0.5.2)
    lotus-validations (0.3.3)
      lotus-utils (~> 0.5)
    lotus-view (0.4.4)
      lotus-utils (~> 0.5)
      tilt (~> 2.0, >= 2.0.1)
    lotusrb (0.4.1)
      dotenv (~> 2.0)
      lotus-controller (~> 0.4, >= 0.4.4)
      lotus-helpers (~> 0.2)
      lotus-router (~> 0.4, >= 0.4.2)
      lotus-utils (~> 0.5, >= 0.5.1)
      lotus-view (~> 0.4, >= 0.4.3)
      shotgun (~> 0.9)
      thor (~> 0.19)
    mime-types (2.99)
    mini_portile (0.6.2)
    multi_json (1.11.2)
    multi_xml (0.5.5)
    multipart-post (2.0.0)
    nokogiri (1.6.6.2)
      mini_portile (~> 0.6.0)
    oauth2 (1.0.0)
      faraday (>= 0.8, < 0.10)
      jwt (~> 1.0)
      multi_json (~> 1.3)
      multi_xml (~> 0.5)
      rack (~> 1.2)
    omniauth (1.3.1)
      hashie (>= 1.2, < 4)
      rack (>= 1.0, < 3)
    omniauth-oauth2 (1.3.1)
      oauth2 (~> 1.0)
      omniauth (~> 1.2)
    rack (1.6.4)
    rack-test (0.6.3)
      rack (>= 1.0)
    rake (10.4.2)
    rspec (3.3.0)
      rspec-core (~> 3.3.0)
      rspec-expectations (~> 3.3.0)
      rspec-mocks (~> 3.3.0)
    rspec-core (3.3.2)
      rspec-support (~> 3.3.0)
    rspec-expectations (3.3.1)
      diff-lcs (>= 1.2.0, < 2.0)
      rspec-support (~> 3.3.0)
    rspec-mocks (3.3.2)
      diff-lcs (>= 1.2.0, < 2.0)
      rspec-support (~> 3.3.0)
    rspec-support (3.3.0)
    sequel (4.28.0)
    shotgun (0.9.1)
      rack (>= 1.0)
    sqlite3 (1.3.10)
    thor (0.19.1)
    tilt (2.0.1)
    url_mount (0.2.1)
      rack
    xpath (2.0.0)
      nokogiri (~> 1.3)

PLATFORMS
  ruby

DEPENDENCIES
  bundler
  capybara
  lotus-model (~> 0.4)
  lotusrb (= 0.4.1)
  omniauth
  omniauth-slack!
  rake
  rspec
  sqlite3
